GEM
  remote: http://rubygems.org/
  specs:
    chunky_png (1.2.6)
    compass (0.12.2)
      chunky_png (~> 1.2)
      fssm (>= 0.2.7)
      sass (~> 3.1)
    ffi (1.0.11)
    fssm (0.2.9)
    guard (1.3.2)
      listen (>= 0.4.2)
      thor (>= 0.14.6)
    guard-compass (0.0.6)
      compass (>= 0.10.5)
      guard (>= 0.2.1)
    guard-process (1.0.3)
      ffi (~> 1.0.9)
      guard (>= 0.4.2)
      spoon (~> 0.0.1)
    jasmine (3.5.0)
      jasmine-core (~> 3.5.0)
      phantomjs
      rack (>= 1.2.1)
      rake
    jasmine-core (3.5.0)
    listen (0.4.7)
      rb-fchange (~> 0.0.5)
      rb-fsevent (~> 0.9.1)
      rb-inotify (~> 0.8.8)
    phantomjs (2.1.1.0)
    rack (2.0.8)
    rake (0.9.2.2)
    rb-fchange (0.0.5)
      ffi
    rb-fsevent (0.9.1)
    rb-inotify (0.8.8)
      ffi (>= 0.5.0)
    sass (3.2.1)
    spoon (0.0.1)
    thor (0.16.0)

PLATFORMS
  ruby

DEPENDENCIES
  guard
  guard-compass
  guard-process
  jasmine (>= 1.2.1)
  rake
  rb-fsevent

BUNDLED WITH
   1.17.3
